GEM
  remote: https://rubygems.org/
  specs:
    backports (3.15.0)
    csv (3.1.2)
    daru (0.2.2)
      backports
      packable (~> 1.3.9)
    optimist (3.0.0)
    packable (1.3.10)
      backports

PLATFORMS
  ruby

DEPENDENCIES
  csv
  daru
  optimist

BUNDLED WITH
   1.16.1
